GEM
  remote: http://rubygems.org/
  specs:
    eventmachine (1.0.0)
    serialport (1.1.0)
    sqlite3 (1.3.6)

PLATFORMS
  ruby

DEPENDENCIES
  eventmachine
  serialport
  sqlite3
